GEM
  remote: https://rubygems.org/
  specs:
    POpen4 (0.1.4)
      Platform (>= 0.4.0)
      open4
    Platform (0.4.0)
    RedCloth (4.2.9)
    activesupport (4.2.4)
      i18n (~> 0.7)
      json (~> 1.7, >= 1.7.7)
      minitest (~> 5.1)
      thread_safe (~> 0.3, >= 0.3.4)
      tzinfo (~> 1.1)
    addressable (2.3.8)
    blankslate (2.1.2.4)
    celluloid (0.16.0)
      timers (~> 4.0.0)
    classifier-reborn (2.0.3)
      fast-stemmer (~> 1.0)
    coffee-script (2.4.1)
      coffee-script-source
      execjs
    coffee-script-source (1.9.1.1)
    colorator (0.1)
    ethon (0.8.0)
      ffi (>= 1.3.0)
    execjs (2.6.0)
    exifr (1.2.3.1)
    fast-stemmer (1.0.2)
    ffi (>= 1.9.24)
    fspath (2.1.1)
    gemoji (2.1.0)
    github-pages (39)
      RedCloth (-> 4.3)
      github-pages-health-check (~> 0.2)
      jekyll (= 2.4.0)
      jekyll-coffeescript (= 1.0.1)
      jekyll-feed (= 0.3.1)
      jekyll-mentions (= 0.2.1)
      jekyll-redirect-from (= 0.8.0)
      jekyll-sass-converter (= 1.3.0)
      jekyll-sitemap (= 0.8.1)
      jemoji (= 0.5.0)
      kramdown (= 1.5.0)
      liquid (= 2.6.2)
      maruku (= 0.7.0)
      mercenary (~> 0.3)
      pygments.rb (= 0.6.3)
      rdiscount (= 2.1.7)
      redcarpet (= 3.3.2)
      terminal-table (~> 1.4)
    github-pages-health-check (0.5.3)
      addressable (~> 2.3)
      net-dns (~> 0.8)
      public_suffix (~> 1.4)
      typhoeus (~> 0.7)
    hitimes (1.2.3)
    html-pipeline (1.9.0)
      activesupport (>= 2)
      nokogiri (~> 1.4)
    html_compressor (0.0.3)
      POpen4 (>= 0.1.4)
    i18n (0.7.0)
    image_optim (0.21.0)
      exifr (~> 1.2, >= 1.2.2)
      fspath (~> 2.1)
      image_size (~> 1.3)
      in_threads (~> 1.3)
      progress (~> 3.0, >= 3.0.1)
    image_optim_pack (0.2.1.20150808)
      fspath (~> 2.1)
      image_optim (~> 0.19)
    image_size (1.4.1)
    in_threads (1.3.1)
    jekyll (>= 3.6.6)
      classifier-reborn (~> 2.0)
      colorator (~> 0.1)
      jekyll-coffeescript (~> 1.0)
      jekyll-gist (~> 1.0)
      jekyll-paginate (~> 1.0)
      jekyll-sass-converter (~> 1.0)
      jekyll-watch (~> 1.1)
      kramdown (~> 1.3)
      liquid (~> 2.6.1)
      mercenary (~> 0.3.3)
      pygments.rb (~> 0.6.0)
      redcarpet (~> 3.1)
      safe_yaml (~> 1.0)
      toml (~> 0.1.0)
    jekyll-coffeescript (1.0.1)
      coffee-script (~> 2.2)
    jekyll-feed (0.3.1)
    jekyll-gist (1.3.4)
    jekyll-mentions (0.2.1)
      html-pipeline (~> 1.9.0)
      jekyll (~> 2.0)
    jekyll-paginate (1.1.0)
    jekyll-redirect-from (0.8.0)
      jekyll (>= 2.0)
    jekyll-sass-converter (1.3.0)
      sass (~> 3.2)
    jekyll-sitemap (0.8.1)
    jekyll-watch (1.2.1)
      listen (~> 2.7)
    jemoji (0.5.0)
      gemoji (~> 2.0)
      html-pipeline (~> 1.9)
      jekyll (>= 2.0)
    json (1.8.3)
    kramdown (1.5.0)
    liquid (2.6.2)
    listen (2.10.1)
      celluloid (~> 0.16.0)
      rb-fsevent (>= 0.9.3)
      rb-inotify (>= 0.9)
    maruku (0.7.0)
    mercenary (0.3.5)
    mini_magick ~> 4.9.4
    mini_portile (0.6.2)
    minitest (5.8.0)
    net-dns (0.8.0)
    nokogiri (1.8.2)
      mini_portile (~> 0.6.0)
    open4 (1.3.4)
    parslet (1.5.0)
      blankslate (~> 2.0)
    posix-spawn (0.3.11)
    progress (3.1.0)
    public_suffix (1.5.1)
    pygments.rb (0.6.3)
      posix-spawn (~> 0.3.6)
      yajl-ruby (~> 1.2.0)
    rake (10.4.2)
    rb-fsevent (0.9.6)
    rb-inotify (0.9.5)
      ffi (>= 0.5.0)
    rdiscount (2.1.7)
    redcarpet (3.3.2)
    safe_yaml (1.0.4)
    sass (3.2.19)
    terminal-table (1.5.2)
    thread_safe (0.3.5)
    timers (4.0.4)
      hitimes
    toml (0.1.2)
      parslet (~> 1.5.0)
    typhoeus (0.8.0)
      ethon (>= 0.8.0)
    tzinfo (1.2.2)
      thread_safe (~> 0.1)
    yajl-ruby (1.3.1)

PLATFORMS
  ruby

DEPENDENCIES
  github-pages (= 39)
  html_compressor
  image_optim
  image_optim_pack
  jekyll
  jekyll-feed
  jekyll-sitemap
  json
  mini_magick
  rake
  sass (~> 3.2.19)

BUNDLED WITH
   1.10.6
